GEM
  remote: https://rubygems.org/
  specs:
    coderay (1.1.2)
    httparty (0.16.2)
      multi_xml (>= 0.5.2)
    method_source (0.8.2)
    multi_xml (0.6.0)
    pry (0.10.4)
      coderay (~> 1.1.0)
      method_source (~> 0.8.1)
      slop (~> 3.4)
    pry-nav (0.2.4)
      pry (>= 0.9.10, < 0.11.0)
    slop (3.6.0)

PLATFORMS
  ruby

DEPENDENCIES
  httparty
  pry
  pry-nav

BUNDLED WITH
   1.16.2
